GEM
  remote: https://rubygems.org/
  specs:
    gruffy (1.2.3)
      rmagick (~> 2.13, >= 2.13.4)
    rmagick (2.16.0)

PLATFORMS
  ruby

DEPENDENCIES
  gruffy

BUNDLED WITH
   1.15.1
